GEM
  remote: http://rubygems.org/
  specs:
    builder (3.1.4)
    chunky_png (1.2.7)
    compass (0.12.2)
      chunky_png (~> 1.2)
      fssm (>= 0.2.7)
      sass (~> 3.1)
    daemons (1.1.9)
    eventmachine (1.0.0)
    excon (0.17.0)
    fog (1.9.0)
      builder
      excon (~> 0.14)
      formatador (~> 0.2.0)
      mime-types
      multi_json (~> 1.0)
      net-scp (~> 1.0.4)
      net-ssh (>= 2.1.3)
      nokogiri (~> 1.5.0)
      ruby-hmac
    formatador (0.2.4)
    fssm (0.2.10)
    haml (4.0.0)
      tilt
    heroku-nav (0.2.2)
    honeybadger (1.8.0)
      json
    json (1.8.1)
    mime-types (1.21)
    multi_json (1.6.1)
    net-scp (1.0.4)
      net-ssh (>= 2.6.5)
    net-ssh (2.6.5)
    nokogiri (1.5.6)
    pg (0.13.2)
    rack (1.5.2)
    rack-protection (1.3.2)
      rack
    rack-ssl-enforcer (0.2.5)
    rake (10.0.3)
    rdiscount (1.6.8)
    ruby-hmac (0.4.0)
    sass (3.2.5)
    shotgun (0.9)
      rack (>= 1.0)
    sinatra (1.3.4)
      rack (~> 1.4)
      rack-protection (~> 1.3)
      tilt (~> 1.3, >= 1.3.3)
    thin (1.5.0)
      daemons (>= 1.0.9)
      eventmachine (>= 0.12.6)
      rack (>= 1.0.0)
    tilt (1.3.3)

PLATFORMS
  ruby

DEPENDENCIES
  compass
  fog
  haml
  heroku-nav
  honeybadger
  pg (= 0.13.2)
  rack-ssl-enforcer
  rake
  rdiscount (~> 1.6.x)
  sass
  shotgun
  sinatra
  thin
